GEM
  remote: https://rubygems.org/
  specs:
    addressable (2.3.6)
    better_errors (1.1.0)
      coderay (>= 1.0.0)
      erubis (>= 2.6.6)
    coderay (1.1.0)
    colorize (0.7.3)
    daemons (1.1.9)
    dalli (2.7.2)
    em-websocket (0.3.8)
      addressable (>= 2.1.1)
      eventmachine (>= 0.12.9)
    erubis (2.7.0)
    eventmachine (1.0.3)
    haml (4.0.5)
      tilt
    multi_json (1.10.1)
    noodles (0.0.8)
      better_errors
      colorize
      dalli
      erubis
      haml
      multi_json
      rack
      slim
      thor
      tilt
      websocket-rack-noodles
    rack (1.5.2)
    shotgun (0.9)
      rack (>= 1.0)
    slim (2.0.2)
      temple (~> 0.6.6)
      tilt (>= 1.3.3, < 2.1)
    temple (0.6.7)
    thin (1.6.2)
      daemons (>= 1.0.9)
      eventmachine (>= 1.0.0)
      rack (>= 1.0.0)
    thor (0.19.1)
    tilt (2.0.1)
    websocket-rack-noodles (0.4.3)
      em-websocket (~> 0.3.8)
      eventmachine (~> 1.0.0)
      rack
      thin

PLATFORMS
  ruby

DEPENDENCIES
  noodles
  shotgun
